GEM
  remote: https://rubygems.org/
  specs:
    concurrent-ruby (1.2.3)
    mini_portile2 (2.8.5)
    nokogiri (1.16.2)
      mini_portile2 (~> 2.8.2)
      racc (~> 1.4)
    nokogiri (1.16.2-x86_64-linux)
      racc (~> 1.4)
    racc (1.7.3)
    rack (3.0.9)

PLATFORMS
  ruby
  x86_64-linux

DEPENDENCIES
  concurrent-ruby (~> 1.2)
  nokogiri (~> 1.16)
  rack (~> 3.0)

BUNDLED WITH
   2.5.6
