GEM
  remote: https://rubygems.org/
  specs:
    rack (3.0.9)

PLATFORMS
  ruby
  x86_64-linux

DEPENDENCIES
  rack (~> 3.0)

BUNDLED WITH
   2.5.6
