GEM
  remote: https://rubygems.org/
  specs:
    concurrent-ruby (1.2.3)
    nokogiri (1.16.2-arm64-darwin)
      racc (~> 1.4)
    racc (1.7.3)
    rack (3.0.9)
    sentry-ruby (5.16.1)
      concurrent-ruby (~> 1.0, >= 1.0.2)

PLATFORMS
  arm64-darwin-23

DEPENDENCIES
  nokogiri (~> 1.16)
  rack (~> 3.0)
  sentry-ruby (~> 5.16)

BUNDLED WITH
   2.5.6
